GEM
  remote: https://rubygems.org/
  specs:
    concurrent-ruby (1.1.9)
    deep_merge (1.2.1)
    diff-lcs (1.2.5)
    facter (4.2.5)
      hocon (~> 1.3)
      thor (>= 1.0.1, < 2.0)
    fast_gettext (1.8.0)
    hiera (3.7.0)
    hocon (1.3.1)
    httpclient (2.8.3)
    locale (2.1.3)
    metaclass (0.0.4)
    mocha (1.8.0)
      metaclass (~> 0.0.1)
    multi_json (1.15.0)
    puppet (6.25.1)
      concurrent-ruby (~> 1.0)
      deep_merge (~> 1.0)
      facter (> 2.0.1, < 5)
      fast_gettext (~> 1.1)
      hiera (>= 3.2.1, < 4)
      httpclient (~> 2.8)
      locale (~> 2.1)
      multi_json (~> 1.10)
      puppet-resource_api (~> 1.5)
      semantic_puppet (~> 1.0)
    puppet-lint (0.3.2)
    puppet-resource_api (1.8.14)
      hocon (>= 1.0)
    puppet-syntax (2.4.3)
      rake
    puppetlabs_spec_helper (1.1.1)
      mocha
      puppet-lint
      puppet-syntax
      rake
      rspec-puppet
    rake (12.3.3)
    rspec (2.14.1)
      rspec-core (~> 2.14.0)
      rspec-expectations (~> 2.14.0)
      rspec-mocks (~> 2.14.0)
    rspec-core (2.14.8)
    rspec-expectations (2.14.5)
      diff-lcs (>= 1.1.3, < 2.0)
    rspec-mocks (2.14.6)
    rspec-puppet (1.0.1)
      rspec
    semantic_puppet (1.0.4)
    thor (1.1.0)

PLATFORMS
  ruby

DEPENDENCIES
  puppet (~> 6.25.1)
  puppet-lint
  puppetlabs_spec_helper
  rake
  rspec-puppet

BUNDLED WITH
   1.17.3
