GIT
  remote: git://github.com/jenkins-infra/puppetlabs_spec_helper.git
  revision: 772ce0ed04edb5b58f99de6ebebe8ccc233b46be
  specs:
    puppetlabs_spec_helper (0.4.1.40)
      mocha (>= 0.10.5)
      rake
      rspec (>= 2.9.0)
      rspec-puppet (>= 0.1.1)

GEM
  remote: https://rubygems.org/
  specs:
    diff-lcs (1.2.5)
    facter (1.7.5)
    hiera (1.3.2)
      json_pure
    json_pure (1.8.1)
    metaclass (0.0.4)
    mocha (1.0.0)
      metaclass (~> 0.0.1)
    puppet (3.4.3)
      facter (~> 1.6)
      hiera (~> 1.0)
      rgen (~> 0.6.5)
    puppet-lint (0.3.2)
    rake (10.3.1)
    rgen (0.6.6)
    rspec (2.14.1)
      rspec-core (~> 2.14.0)
      rspec-expectations (~> 2.14.0)
      rspec-mocks (~> 2.14.0)
    rspec-core (2.14.8)
    rspec-expectations (2.14.5)
      diff-lcs (>= 1.1.3, < 2.0)
    rspec-mocks (2.14.6)
    rspec-puppet (1.0.1)
      rspec

PLATFORMS
  ruby

DEPENDENCIES
  puppet (~> 3.4.0)
  puppet-lint
  puppetlabs_spec_helper!
  rake
  rspec-puppet
